{
	"TaskName": "imagery",
	"Manufacturer": "Brain Products",
	"PowerLineFrequency": 50.0,
	"SamplingFrequency": 100.0,
	"SoftwareFilters": {
		"preprocessing_steps": {
			"Description": "bandpass filtering, downsampling"
		}
	},
	"RecordingDuration": 2830.41,
	"RecordingType": "continuous",
	"EEGReference": "n/a",
	"EEGGround": "n/a",
	"EEGPlacementScheme": "10-05 system",
	"EEGChannelCount": 118,
	"EOGChannelCount": 0,
	"ECGChannelCount": 0,
	"EMGChannelCount": 0,
	"TriggerChannelCount": 0,
	"ManufacturersModelName": "BrainAmp",
	"HardwareFilters": {
		"Bandpass": {
			"low_cutoff_hz": 0.05,
			"high_cutoff_hz": 200.0
		}
	},
	"Instructions": "subjects performed motor imagery (left hand, right hand, or right foot) according to visual cue for 3.5 seconds",
	"CogAtlasID": "https://www.cognitiveatlas.org/task/id/trm_4c8a834779883/",
	"InstitutionName": "Fraunhofer FIRST (IDA); Charit\u00e9 University Medicine Berlin",
	"InstitutionAddress": "12489 Berlin, Germany; 12203 Berlin, Germany",
	"InstitutionalDepartmentName": "Fraunhofer FIRST (IDA); Department of Neurology, Campus Benjamin Franklin",
	"CapManufacturer": "n/a",
	"CapManufacturersModelName": "n/a",
	"SubjectArtefactDescription": "n/a",
	"DeviceSerialNumber": "n/a",
	"Description": "EEG recording.",
	"MISCChannelCount": 0
}